GEM
  remote: https://rubygems.org/
  specs:
    arethusa-client (0.1.17)
      nokogiri
      thor
    bundler-audit (0.6.1)
      bundler (>= 1.2.0, < 3)
      thor (~> 0.18)
    mini_portile2 (2.0.0)
    nokogiri (1.6.7.2)
      mini_portile2 (~> 2.0.0.rc2)
    rake (12.3.3)
    thor (0.20.3)

PLATFORMS
  ruby

DEPENDENCIES
  arethusa-client
  bundler-audit
  nokogiri (= 1.6.7.2)
  rake

RUBY VERSION
   ruby 2.6.0p0

BUNDLED WITH
   2.0.2
